PATH
  remote: .
  specs:
    drt (0.1.0)
      activerecord (~> 7.0)
      faraday (~> 2.3)
      sqlite3 (~> 1.4)
      thor (~> 1.2)

GEM
  remote: https://rubygems.org/
  specs:
    activemodel (7.0.3)
      activesupport (= 7.0.3)
    activerecord (7.0.3)
      activemodel (= 7.0.3)
      activesupport (= 7.0.3)
    activesupport (7.0.3)
      concurrent-ruby (~> 1.0, >= 1.0.2)
      i18n (>= 1.6, < 2)
      minitest (>= 5.1)
      tzinfo (~> 2.0)
    concurrent-ruby (1.1.10)
    faraday (2.3.0)
      faraday-net_http (~> 2.0)
      ruby2_keywords (>= 0.0.4)
    faraday-net_http (2.0.3)
    i18n (1.10.0)
      concurrent-ruby (~> 1.0)
    minitest (5.15.0)
    power_assert (2.0.1)
    rake (13.0.6)
    ruby2_keywords (0.0.5)
    sqlite3 (1.4.2)
    test-unit (3.5.3)
      power_assert
    thor (1.2.1)
    tzinfo (2.0.4)
      concurrent-ruby (~> 1.0)

PLATFORMS
  x64-mingw32
  x86_64-linux

DEPENDENCIES
  activerecord (~> 7.0)
  drt!
  faraday (~> 2.3)
  rake (~> 13.0)
  sqlite3 (~> 1.4)
  test-unit (~> 3.0)
  thor (~> 1.2)

BUNDLED WITH
   2.3.12
